PATH
  remote: .
  specs:
    gitcommand (0.0.0)

GEM
  remote: https://rubygems.org/
  specs:
    minitest (5.7.0)
    rake (10.4.2)

PLATFORMS
  ruby

DEPENDENCIES
  bundler (~> 1.10)
  gitcommand!
  minitest
  rake

BUNDLED WITH
   1.10.6
